GEM
  remote: http://rubygems.org/
  specs:
    autotest (4.3.2)
    autotest-fsevent (0.2.3)
      sys-uname
    diff-lcs (1.1.2)
    lstrip-on-steroids (0.9.5)
    rspec (2.0.0.beta.20)
      rspec-core (= 2.0.0.beta.20)
      rspec-expectations (= 2.0.0.beta.20)
      rspec-mocks (= 2.0.0.beta.20)
    rspec-core (2.0.0.beta.20)
    rspec-expectations (2.0.0.beta.20)
      diff-lcs (>= 1.1.2)
    rspec-mocks (2.0.0.beta.20)
    sys-uname (0.8.4)

PLATFORMS
  ruby

DEPENDENCIES
  autotest
  autotest-fsevent
  lstrip-on-steroids
  rspec (= 2.0.0.beta.20)
